GEM
  remote: https://rubygems.org/
  specs:
    CFPropertyList (2.2.6)
    beaker (1.4.1)
      blimpy (~> 0.6)
      fission (~> 0.4)
      inifile (~> 2.0)
      json (~> 1.8)
      mime-types (~> 1.25)
      net-scp (~> 1.1)
      net-ssh (~> 2.6)
      nokogiri (= 1.5.10)
      rbvmomi (= 1.8.1)
      unf (~> 0.1)
    beaker-rspec (2.0.1)
      beaker (~> 1.3)
      rspec (~> 2.14)
      serverspec (~> 0.14)
      specinfra (~> 0.3)
    blimpy (0.6.7)
      fog
      minitar
      thor
    builder (3.2.4)
    coderay (1.1.0)
    concurrent-ruby (1.1.8)
    deep_merge (1.2.1)
    diff-lcs (1.2.5)
    docile (1.1.2)
    excon (0.31.0)
    facter (2.5.7)
    fast_gettext (1.8.0)
    fission (0.5.0)
      CFPropertyList (~> 2.2)
    fog (1.19.0)
      builder
      excon (~> 0.31.0)
      formatador (~> 0.2.0)
      mime-types
      multi_json (~> 1.0)
      net-scp (~> 1.1)
      net-ssh (>= 2.1.3)
      nokogiri (~> 1.5)
      ruby-hmac
    formatador (0.2.5)
    hiera (3.7.0)
    highline (1.6.20)
    hocon (1.3.1)
    httpclient (2.8.3)
    inifile (2.0.2)
    json (1.8.1)
    kwalify (0.7.2)
    locale (2.1.3)
    metaclass (0.0.2)
    method_source (0.8.2)
    mime-types (1.25.1)
    minitar (0.5.4)
    mocha (1.0.0)
      metaclass (~> 0.0.1)
    multi_json (1.15.0)
    net-scp (1.2.1)
      net-ssh (>= 2.6.5)
    net-ssh (2.9.4)
    nokogiri (1.5.10)
    pry (0.9.12.4)
      coderay (~> 1.0)
      method_source (~> 0.8)
      slop (~> 3.4)
    puppet (6.13.0)
      concurrent-ruby (~> 1.0)
      deep_merge (~> 1.0)
      facter (> 2.0.1, < 5)
      fast_gettext (~> 1.1)
      hiera (>= 3.2.1, < 4)
      httpclient (~> 2.8)
      locale (~> 2.1)
      multi_json (~> 1.10)
      puppet-resource_api (~> 1.5)
      semantic_puppet (~> 1.0)
    puppet-lint (0.3.2)
    puppet-resource_api (1.8.13)
      hocon (>= 1.0)
    puppetlabs_spec_helper (0.4.1)
      mocha (>= 0.10.5)
      rake
      rspec (>= 2.9.0)
      rspec-puppet (>= 0.1.1)
    rake (10.1.1)
    rbvmomi (1.8.1)
      builder
      nokogiri (>= 1.4.1)
      trollop
    rspec (2.14.1)
      rspec-core (~> 2.14.0)
      rspec-expectations (~> 2.14.0)
      rspec-mocks (~> 2.14.0)
    rspec-core (2.14.7)
    rspec-expectations (2.14.4)
      diff-lcs (>= 1.1.3, < 2.0)
    rspec-mocks (2.14.4)
    rspec-puppet (1.0.1)
      rspec
    rspec-system (2.8.0)
      fog (~> 1.18)
      kwalify (~> 0.7.2)
      mime-types (~> 1.16)
      net-scp (~> 1.1)
      net-ssh (~> 2.7)
      nokogiri (~> 1.5.10)
      rbvmomi (~> 1.6)
      rspec (~> 2.14)
      systemu (~> 2.5)
    rspec-system-puppet (2.2.1)
      rspec-system (~> 2.0)
    rspec-system-serverspec (2.0.1)
      rspec-system (~> 2.0)
      serverspec (~> 0.0)
      specinfra (~> 0.0)
    ruby-hmac (0.4.0)
    semantic_puppet (1.0.3)
    serverspec (0.14.4)
      highline
      net-ssh
      rspec (>= 2.13.0)
      specinfra (>= 0.1.0)
    simplecov (0.8.2)
      docile (~> 1.1.0)
      multi_json
      simplecov-html (~> 0.8.0)
    simplecov-html (0.8.0)
    slop (3.4.7)
    specinfra (0.4.1)
    systemu (2.6.0)
    thor (0.18.1)
    trollop (2.0)
    unf (0.1.3)
      unf_ext
    unf_ext (0.0.6)

PLATFORMS
  ruby

DEPENDENCIES
  beaker
  beaker-rspec
  mime-types (< 2.0)
  pry
  puppet
  puppet-lint
  puppetlabs_spec_helper
  rake
  rspec-puppet
  rspec-system
  rspec-system-puppet
  rspec-system-serverspec
  serverspec
  simplecov
